GEM
  remote: https://rubygems.org/
  specs:
    connection_pool (2.4.1)
    dotenv (2.8.1)
    mustermann (3.0.0)
      ruby2_keywords (~> 0.0.1)
    nio4r (2.5.9)
    puma (6.4.0)
      nio4r (~> 2.0)
    rack (2.2.8)
    rack-protection (3.1.0)
      rack (~> 2.2, >= 2.2.4)
    redis (5.0.7)
      redis-client (>= 0.9.0)
    redis-client (0.17.0)
      connection_pool
    ruby2_keywords (0.0.5)
    securerandom (0.2.2)
    sinatra (3.1.0)
      mustermann (~> 3.0)
      rack (~> 2.2, >= 2.2.4)
      rack-protection (= 3.1.0)
      tilt (~> 2.0)
    tilt (2.3.0)

PLATFORMS
  x64-mingw-ucrt

DEPENDENCIES
  dotenv
  puma
  redis
  securerandom
  sinatra

BUNDLED WITH
   2.4.10
